PATH
  remote: .
  specs:
    silverpop (1.3.3)

GEM
  remote: https://rubygems.org/
  specs:
    activesupport (3.2.13)
      i18n (= 0.6.1)
      multi_json (~> 1.0)
    addressable (2.3.4)
    builder (3.2.2)
    crack (0.3.2)
    diff-lcs (1.2.4)
    ftpd (0.6.0)
      memoizer (~> 1.0.1)
    hpricot (0.8.6)
    i18n (0.6.1)
    memoizer (1.0.1)
    multi_json (1.7.5)
    rainbow (1.1.4)
    rake (10.0.4)
    rspec (2.13.0)
      rspec-core (~> 2.13.0)
      rspec-expectations (~> 2.13.0)
      rspec-mocks (~> 2.13.0)
    rspec-core (2.13.1)
    rspec-expectations (2.13.0)
      diff-lcs (>= 1.1.3, < 2.0)
    rspec-mocks (2.13.1)
    webmock (1.11.0)
      addressable (>= 2.2.7)
      crack (>= 0.3.2)

PLATFORMS
  ruby

DEPENDENCIES
  activesupport
  builder
  ftpd
  hpricot
  rainbow
  rake
  rspec
  silverpop!
  webmock

BUNDLED WITH
   1.10.6
